GIT
  remote: https://github.com/chrisk/fakeweb.git
  revision: 2b08c1ff2714ec13a12f3497d67fcefce95c2cbe
  ref: 2b08c1ff2714ec13a12f3497d67fcefce95c2cbe
  specs:
    fakeweb (1.3.0)

GIT
  remote: https://github.com/entur/chouette-projects-i18n.git
  revision: 4d716c5bb92629eadba9f9b864516c377c067950
  branch: master
  specs:
    chouette-projects-i18n (0.1.0)
      i18n
      railties

GIT
  remote: https://github.com/entur/chouette2-i18n.git
  revision: ad38ab144d2565979aca6b6cb60c3b96f6db6171
  branch: master
  specs:
    chouette2-i18n (0.1.0)
      i18n
      railties

GIT
  remote: https://github.com/entur/ffi-proj4
  revision: 6ce9bbc4ce8d86839fb930aa806859c261c286e5
  branch: master
  specs:
    ffi-proj4 (0.3.0)
      ffi (>= 1.0.0)

GIT
  remote: https://github.com/entur/georuby-ext.git
  revision: 8531916d8c271967f1bcfa4a97cb7b8e4a2b909e
  branch: master
  specs:
    georuby-ext (0.0.5)
      activesupport (>= 3.2.6)
      dbf
      dr-ffi-proj4 (>= 0.0.3)
      ffi-geos (>= 0.1.1)
      geokit (= 1.6.7)
      georuby (>= 1.9.8)
      rgeo (>= 0.3.20)

GIT
  remote: https://github.com/entur/ievkit.git
  revision: df7d7d0650ee7a4a0a7d5a9ae0ba7272c470df02
  branch: master
  specs:
    ievkit (0.6.0)
      faraday_middleware (~> 1.2.0)
      figaro (~> 1.2.0)
      redis (~> 3.2)
      rest-client (~> 2.1.0)

GIT
  remote: https://github.com/entur/ievkit_views.git
  revision: fe2ef46e3d771293ccaeca29d73b2aabbadf6475
  branch: master
  specs:
    ievkit_views (0.5.0)
      kaminari (~> 1.2.2)
      kaminari-i18n (~> 0.5.0)
      rails (~> 5.2.0)

GIT
  remote: https://github.com/entur/language_engine
  revision: 19a2e83cc397660fbb5f57b79559b0ad10f63f27
  specs:
    language_engine (0.0.6)
      rails (>= 4.1.1)

GIT
  remote: https://github.com/yujinakayama/transpec.git
  revision: ba82297b8760f989e268de1de35b914d1b03a037
  ref: ba82297b8760f989e268de1de35b914d1b03a037
  specs:
    transpec (3.4.0)
      activesupport (>= 3.0, < 6.0)
      astrolabe (~> 1.2)
      bundler (>= 1.3)
      json (>= 1.8, < 3.0)
      parser (>= 2.5.0.0)
      rainbow (>= 1.99.1, < 3.0)

GEM
  remote: https://rails-assets.org/
  specs:
    rails-assets-bootstrap (3.1.1)
      rails-assets-jquery (>= 1.9.0)
    rails-assets-bootstrap-sass-official (3.3.7)
      rails-assets-jquery (>= 1.9.1, < 4)
    rails-assets-eonasdan-bootstrap-datetimepicker (3.1.4)
      rails-assets-bootstrap (>= 3.0)
      rails-assets-jquery (>= 1.8.3)
      rails-assets-moment (>= 2.8.0)
    rails-assets-footable (2.0.3)
      rails-assets-jquery (>= 1.4.4)
    rails-assets-jquery (3.6.1)
    rails-assets-jquery-tokeninput (1.7.0)
      rails-assets-jquery (>= 1.5)
    rails-assets-jquery-ui (1.11.4)
      rails-assets-jquery (>= 1.6)
    rails-assets-mocha (1.17.1)
    rails-assets-modernizr (2.0.6)
    rails-assets-moment (2.29.4)
    rails-assets-morrisjs (0.5.1)
      rails-assets-jquery (>= 2.1.0)
      rails-assets-mocha (~> 1.17.1)
      rails-assets-raphael (>= 2.0)
    rails-assets-raphael (2.1.4)
    rails-assets-respond (1.4.2)
    rails-assets-tagmanager (3.0.2)
      rails-assets-jquery (>= 1.0.0)
    rails-assets-typeahead.js (0.10.5)
      rails-assets-jquery (>= 1.7)
    rails-assets-typeahead.js-bootstrap3.less (0.2.3)
      rails-assets-bootstrap (~> 3.1.0)
      rails-assets-typeahead.js (~> 0.10.0)

GEM
  remote: https://rubygems.org/
  specs:
    RedCloth (4.3.2)
    SyslogLogger (2.0)
    actioncable (5.2.8.1)
      actionpack (= 5.2.8.1)
      nio4r (~> 2.0)
      websocket-driver (>= 0.6.1)
    actionmailer (5.2.8.1)
      actionpack (= 5.2.8.1)
      actionview (= 5.2.8.1)
      activejob (= 5.2.8.1)
      mail (~> 2.5, >= 2.5.4)
      rails-dom-testing (~> 2.0)
    actionpack (5.2.8.1)
      actionview (= 5.2.8.1)
      activesupport (= 5.2.8.1)
      rack (~> 2.0, >= 2.0.8)
      rack-test (>= 0.6.3)
      rails-dom-testing (~> 2.0)
      rails-html-sanitizer (~> 1.0, >= 1.0.2)
    actionview (5.2.8.1)
      activesupport (= 5.2.8.1)
      builder (~> 3.1)
      erubi (~> 1.4)
      rails-dom-testing (~> 2.0)
      rails-html-sanitizer (~> 1.0, >= 1.0.3)
    activejob (5.2.8.1)
      activesupport (= 5.2.8.1)
      globalid (>= 0.3.6)
    activemodel (5.2.8.1)
      activesupport (= 5.2.8.1)
    activerecord (5.2.8.1)
      activemodel (= 5.2.8.1)
      activesupport (= 5.2.8.1)
      arel (>= 9.0)
    activerecord-postgis-adapter (5.2.3)
      activerecord (~> 5.1)
      rgeo-activerecord (~> 6.0)
    activestorage (5.2.8.1)
      actionpack (= 5.2.8.1)
      activerecord (= 5.2.8.1)
      marcel (~> 1.0.0)
    activesupport (5.2.8.1)
      concurrent-ruby (~> 1.0, >= 1.0.2)
      i18n (>= 0.7, < 2)
      minitest (~> 5.1)
      tzinfo (~> 1.1)
    acts-as-taggable-on (8.1.0)
      activerecord (>= 5.0, < 6.2)
    acts_as_list (1.0.4)
      activerecord (>= 4.2)
    acts_as_tree (2.9.1)
      activerecord (>= 3.0.0)
    addressable (2.8.1)
      public_suffix (>= 2.0.2, < 6.0)
    aes_key_wrap (1.1.0)
    airbrussh (1.4.1)
      sshkit (>= 1.6.1, != 1.7.0)
    apartment (2.2.1)
      activerecord (>= 3.1.2, < 6.0)
      parallel (>= 0.7.1)
      public_suffix (>= 2)
      rack (>= 1.3.6)
    arel (9.0.0)
    ast (2.4.2)
    astrolabe (1.3.1)
      parser (~> 2.2)
    attr_required (1.0.1)
    baby_squeel (1.4.4)
      activerecord (>= 5.2, < 7.1)
      ransack (~> 2.3)
    bcrypt (3.1.18)
    bindata (2.4.12)
    bindex (0.8.1)
    binding_of_caller (1.0.0)
      debug_inspector (>= 0.0.1)
    bootstrap-kaminari-views (0.0.5)
      kaminari (>= 0.13)
      rails (>= 3.1)
    breadcrumbs_on_rails (4.1.0)
      railties (>= 5.0)
    builder (3.2.4)
    calendar_helper (0.2.6)
      open4
    capistrano (3.17.1)
      airbrussh (>= 1.0.0)
      i18n
      rake (>= 10.0.0)
      sshkit (>= 1.9.0)
    capistrano-ext (1.2.1)
      capistrano (>= 1.0.0)
    capybara (3.28.0)
      addressable
      mini_mime (>= 0.1.3)
      nokogiri (~> 1.8)
      rack (>= 1.6.0)
      rack-test (>= 0.6.3)
      regexp_parser (~> 1.5)
      xpath (~> 3.2)
    choice (0.2.0)
    cliver (0.3.2)
    cocoon (1.2.15)
    coderay (1.1.3)
    coffee-rails (4.2.2)
      coffee-script (>= 2.2.0)
      railties (>= 4.0.0)
    coffee-script (2.4.1)
      coffee-script-source
      execjs
    coffee-script-source (1.12.2)
    concurrent-ruby (1.1.10)
    crass (1.0.6)
    daemons (1.4.1)
    database_cleaner (2.0.1)
      database_cleaner-active_record (~> 2.0.0)
    database_cleaner-active_record (2.0.1)
      activerecord (>= 5.a)
      database_cleaner-core (~> 2.0.0)
    database_cleaner-core (2.0.1)
    dbf (4.2.2)
    debug_inspector (1.1.0)
    deep_cloneable (3.2.0)
      activerecord (>= 3.1.0, < 8)
    delayed_job (4.1.11)
      activesupport (>= 3.0, < 8.0)
    delayed_job_active_record (4.1.7)
      activerecord (>= 3.0, < 8.0)
      delayed_job (>= 3.0, < 5)
    devise (4.8.1)
      bcrypt (~> 3.0)
      orm_adapter (~> 0.1)
      railties (>= 4.1.0)
      responders
      warden (~> 1.2.3)
    devise-async (1.0.0)
      activejob (>= 5.0)
      devise (>= 4.0)
    devise-encryptable (0.2.0)
      devise (>= 2.1.0)
    devise-i18n (1.10.2)
      devise (>= 4.8.0)
    devise_invitable (2.0.6)
      actionmailer (>= 5.0)
      devise (>= 4.6)
    diff-lcs (1.5.0)
    docile (1.4.0)
    domain_name (0.5.20190701)
      unf (>= 0.0.5, < 1.0.0)
    dr-ffi-proj4 (0.0.3)
      ffi (>= 1.0.0)
    enumerize (2.5.0)
      activesupport (>= 3.2)
    erubi (1.11.0)
    execjs (2.8.1)
    factory_bot (6.2.1)
      activesupport (>= 5.0.0)
    factory_bot_rails (6.2.0)
      factory_bot (~> 6.2.0)
      railties (>= 5.0.0)
    faraday (1.10.2)
      faraday-em_http (~> 1.0)
      faraday-em_synchrony (~> 1.0)
      faraday-excon (~> 1.1)
      faraday-httpclient (~> 1.0)
      faraday-multipart (~> 1.0)
      faraday-net_http (~> 1.0)
      faraday-net_http_persistent (~> 1.0)
      faraday-patron (~> 1.0)
      faraday-rack (~> 1.0)
      faraday-retry (~> 1.0)
      ruby2_keywords (>= 0.0.4)
    faraday-em_http (1.0.0)
    faraday-em_synchrony (1.0.0)
    faraday-excon (1.1.0)
    faraday-httpclient (1.0.1)
    faraday-multipart (1.0.4)
      multipart-post (~> 2)
    faraday-net_http (1.0.1)
    faraday-net_http_persistent (1.2.0)
    faraday-patron (1.0.0)
    faraday-rack (1.0.0)
    faraday-retry (1.0.3)
    faraday_middleware (1.2.0)
      faraday (~> 1.0)
    ffi (1.15.5)
    ffi-geos (2.4.0)
      ffi (>= 1.0.0)
    figaro (1.2.0)
      thor (>= 0.14.0, < 2)
    font-awesome-sass (4.2.2)
      sass (~> 3.2)
    formatador (1.1.0)
    formtastic (4.0.0)
      actionpack (>= 5.2.0)
    geokit (1.6.7)
      multi_json (>= 1.3.2)
    georuby (2.3.0)
    globalid (1.0.0)
      activesupport (>= 5.0)
    google-analytics-rails (1.1.1)
    guard (2.18.0)
      formatador (>= 0.2.4)
      listen (>= 2.7, < 4.0)
      lumberjack (>= 1.0.12, < 2.0)
      nenv (~> 0.1)
      notiffany (~> 0.0)
      pry (>= 0.13.0)
      shellany (~> 0.0)
      thor (>= 0.18.1)
    guard-compat (1.2.1)
    guard-rspec (4.7.3)
      guard (~> 2.1)
      guard-compat (~> 1.1)
      rspec (>= 2.99.0, < 4.0)
    has_scope (0.8.0)
      actionpack (>= 5.2)
      activesupport (>= 5.2)
    hashie (5.0.0)
    http-accept (1.7.0)
    http-cookie (1.0.5)
      domain_name (~> 0.5)
    httpclient (2.8.3)
    i18n (1.12.0)
      concurrent-ruby (~> 1.0)
    inherited_resources (1.13.1)
      actionpack (>= 5.2, < 7.1)
      has_scope (~> 0.6)
      railties (>= 5.2, < 7.1)
      responders (>= 2, < 4)
    jbuilder (2.11.5)
      actionview (>= 5.0.0)
      activesupport (>= 5.0.0)
    jquery-rails (4.4.0)
      rails-dom-testing (>= 1, < 3)
      railties (>= 4.2.0)
      thor (>= 0.14, < 2.0)
    json (2.6.2)
    json-jwt (1.11.0)
      activesupport (>= 4.2)
      aes_key_wrap
      bindata
    jwt (2.5.0)
    kaminari (1.2.2)
      activesupport (>= 4.1.0)
      kaminari-actionview (= 1.2.2)
      kaminari-activerecord (= 1.2.2)
      kaminari-core (= 1.2.2)
    kaminari-actionview (1.2.2)
      actionview
      kaminari-core (= 1.2.2)
    kaminari-activerecord (1.2.2)
      activerecord
      kaminari-core (= 1.2.2)
    kaminari-core (1.2.2)
    kaminari-i18n (0.5.0)
      kaminari
      rails
    launchy (2.5.0)
      addressable (~> 2.7)
    letter_opener (1.8.1)
      launchy (>= 2.2, < 3)
    libv8 (3.16.14.19)
    listen (3.7.1)
      rb-fsevent (~> 0.10, >= 0.10.3)
      rb-inotify (~> 0.9, >= 0.9.10)
    loofah (2.19.0)
      crass (~> 1.0.2)
      nokogiri (>= 1.5.9)
    lumberjack (1.2.8)
    mail (2.7.1)
      mini_mime (>= 0.1.1)
    map_layers (0.0.5)
    marcel (1.0.2)
    method_source (1.0.0)
    migration_data (0.6.0)
    mime-types (3.4.1)
      mime-types-data (~> 3.2015)
    mime-types-data (3.2022.0105)
    mimemagic (0.4.3)
      nokogiri (~> 1)
      rake
    mini_mime (1.1.2)
    mini_portile2 (2.8.0)
    minitest (5.16.3)
    multi_json (1.15.0)
    multi_xml (0.6.0)
    multipart-post (2.2.3)
    nenv (0.3.0)
    net-protocol (0.1.3)
      timeout
    net-scp (1.2.1)
      net-ssh (>= 2.6.5)
    net-smtp (0.3.2)
      net-protocol
    net-ssh (7.0.1)
    netrc (0.11.0)
    newrelic_rpm (8.10.1)
    nio4r (2.5.8)
    nokogiri (1.13.8)
      mini_portile2 (~> 2.8.0)
      racc (~> 1.4)
    notiffany (0.1.3)
      nenv (~> 0.1)
      shellany (~> 0.0)
    oauth2 (2.0.9)
      faraday (>= 0.17.3, < 3.0)
      jwt (>= 1.0, < 3.0)
      multi_xml (~> 0.5)
      rack (>= 1.2, < 4)
      snaky_hash (~> 2.0)
      version_gem (~> 1.1)
    omniauth (2.1.0)
      hashie (>= 3.4.6)
      rack (>= 2.2.3)
      rack-protection
    omniauth-facebook (9.0.0)
      omniauth-oauth2 (~> 1.2)
    omniauth-google-oauth2 (1.1.1)
      jwt (>= 2.0)
      oauth2 (~> 2.0.6)
      omniauth (~> 2.0)
      omniauth-oauth2 (~> 1.8.0)
    omniauth-oauth2 (1.8.0)
      oauth2 (>= 1.4, < 3)
      omniauth (~> 2.0)
    omniauth_openid_connect (0.4.0)
      addressable (~> 2.5)
      omniauth (>= 1.9, < 3)
      openid_connect (~> 1.1)
    open4 (1.3.4)
    openid_connect (1.3.1)
      activemodel
      attr_required (>= 1.0.0)
      json-jwt (>= 1.5.0)
      net-smtp
      rack-oauth2 (>= 1.6.1)
      swd (>= 1.0.0)
      tzinfo
      validate_email
      validate_url
      webfinger (>= 1.0.1)
    orm_adapter (0.5.0)
    parallel (1.22.1)
    parser (2.7.2.0)
      ast (~> 2.4.1)
    passenger (6.0.15)
      rack
      rake (>= 0.8.1)
    pg (1.4.3)
    poltergeist (1.18.1)
      capybara (>= 2.1, < 4)
      cliver (~> 0.3.1)
      websocket-driver (>= 0.2.0)
    polylines (0.4.0)
    pry (0.14.1)
      coderay (~> 1.1)
      method_source (~> 1.0)
    pry-rails (0.3.9)
      pry (>= 0.10.4)
    psych (3.3.4)
    public_suffix (4.0.7)
    pundit (2.2.0)
      activesupport (>= 3.0.0)
    rabl (0.16.0)
      activesupport (>= 2.3.14)
    racc (1.6.0)
    rack (2.2.4)
    rack-oauth2 (1.21.3)
      activesupport
      attr_required
      httpclient
      json-jwt (>= 1.11.0)
      rack (>= 2.1.0)
    rack-protection (2.2.2)
      rack
    rack-test (2.0.2)
      rack (>= 1.3)
    rails (5.2.8.1)
      actioncable (= 5.2.8.1)
      actionmailer (= 5.2.8.1)
      actionpack (= 5.2.8.1)
      actionview (= 5.2.8.1)
      activejob (= 5.2.8.1)
      activemodel (= 5.2.8.1)
      activerecord (= 5.2.8.1)
      activestorage (= 5.2.8.1)
      activesupport (= 5.2.8.1)
      bundler (>= 1.3.0)
      railties (= 5.2.8.1)
      sprockets-rails (>= 2.0.0)
    rails-controller-testing (1.0.5)
      actionpack (>= 5.0.1.rc1)
      actionview (>= 5.0.1.rc1)
      activesupport (>= 5.0.1.rc1)
    rails-dom-testing (2.0.3)
      activesupport (>= 4.2.0)
      nokogiri (>= 1.6)
    rails-erd (1.7.2)
      activerecord (>= 4.2)
      activesupport (>= 4.2)
      choice (~> 0.2.0)
      ruby-graphviz (~> 1.2)
    rails-html-sanitizer (1.4.3)
      loofah (~> 2.3)
    rails-i18n (5.1.3)
      i18n (>= 0.7, < 2)
      railties (>= 5.0, < 6)
    railties (5.2.8.1)
      actionpack (= 5.2.8.1)
      activesupport (= 5.2.8.1)
      method_source
      rake (>= 0.8.7)
      thor (>= 0.19.0, < 2.0)
    rainbow (2.2.2)
      rake
    rake (13.0.6)
    ransack (2.5.0)
      activerecord (>= 5.2.4)
      activesupport (>= 5.2.4)
      i18n
    rb-fsevent (0.11.2)
    rb-inotify (0.10.1)
      ffi (~> 1.0)
    rdoc (6.3.3)
    redis (3.3.5)
    ref (2.0.0)
    regexp_parser (1.8.2)
    responders (3.0.1)
      actionpack (>= 5.0)
      railties (>= 5.0)
    rest-client (2.1.0)
      http-accept (>= 1.7.0, < 2.0)
      http-cookie (>= 1.0.2, < 2.0)
      mime-types (>= 1.16, < 4.0)
      netrc (~> 0.8)
    rexml (3.2.5)
    rgeo (1.0.0)
    rgeo-activerecord (6.2.2)
      activerecord (>= 5.0)
      rgeo (>= 1.0.0)
    roo (2.9.0)
      nokogiri (~> 1)
      rubyzip (>= 1.3.0, < 3.0.0)
    rspec (3.11.0)
      rspec-core (~> 3.11.0)
      rspec-expectations (~> 3.11.0)
      rspec-mocks (~> 3.11.0)
    rspec-core (3.11.0)
      rspec-support (~> 3.11.0)
    rspec-expectations (3.11.1)
      diff-lcs (>= 1.2.0, < 2.0)
      rspec-support (~> 3.11.0)
    rspec-mocks (3.11.1)
      diff-lcs (>= 1.2.0, < 2.0)
      rspec-support (~> 3.11.0)
    rspec-rails (5.1.2)
      actionpack (>= 5.2)
      activesupport (>= 5.2)
      railties (>= 5.2)
      rspec-core (~> 3.10)
      rspec-expectations (~> 3.10)
      rspec-mocks (~> 3.10)
      rspec-support (~> 3.10)
    rspec-support (3.11.1)
    rspec_junit_formatter (0.6.0)
      rspec-core (>= 2, < 4, != 2.12.0)
    ruby-graphviz (1.2.5)
      rexml
    ruby2_keywords (0.0.5)
    rubyzip (1.3.0)
    sass (3.7.4)
      sass-listen (~> 4.0.0)
    sass-listen (4.0.0)
      rb-fsevent (~> 0.9, >= 0.9.4)
      rb-inotify (~> 0.9, >= 0.9.7)
    sass-rails (5.1.0)
      railties (>= 5.2.0)
      sass (~> 3.1)
      sprockets (>= 2.8, < 4.0)
      sprockets-rails (>= 2.0, < 4.0)
      tilt (>= 1.1, < 3)
    sawyer (0.9.2)
      addressable (>= 2.3.5)
      faraday (>= 0.17.3, < 3)
    sdoc (2.4.0)
      rdoc (>= 5.0)
    shellany (0.0.1)
    shoulda-matchers (5.2.0)
      activesupport (>= 5.2.0)
    simple_form (5.1.0)
      actionpack (>= 5.2)
      activemodel (>= 5.2)
    simplecov (0.21.2)
      docile (~> 1.1)
      simplecov-html (~> 0.11)
      simplecov_json_formatter (~> 0.1)
    simplecov-html (0.12.3)
    simplecov_json_formatter (0.1.4)
    snaky_hash (2.0.1)
      hashie
      version_gem (~> 1.1, >= 1.1.1)
    spring (1.7.2)
    sprockets (3.7.2)
      concurrent-ruby (~> 1.0)
      rack (> 1, < 3)
    sprockets-rails (3.4.2)
      actionpack (>= 5.2)
      activesupport (>= 5.2)
      sprockets (>= 3.0.0)
    sqlite3 (1.5.2)
      mini_portile2 (~> 2.8.0)
    sshkit (1.21.3)
      net-scp (>= 1.1.2)
      net-ssh (>= 2.8.0)
    swd (1.3.0)
      activesupport (>= 3)
      attr_required (>= 0.0.5)
      httpclient (>= 2.4)
    therubyracer (0.12.3)
      libv8 (~> 3.16.14.15)
      ref
    thor (1.2.1)
    thread_safe (0.3.6)
    tilt (2.0.11)
    timeout (0.3.0)
    turbolinks (2.5.4)
      coffee-rails
    tzinfo (1.2.10)
      thread_safe (~> 0.1)
    uglifier (2.7.2)
      execjs (>= 0.3.0)
      json (>= 1.8.0)
    unf (0.1.4)
      unf_ext
    unf_ext (0.0.8.2)
    validate_email (0.1.6)
      activemodel (>= 3.0)
      mail (>= 2.2.5)
    validate_url (1.0.15)
      activemodel (>= 3.0.0)
      public_suffix
    version_gem (1.1.1)
    warden (1.2.9)
      rack (>= 2.0.9)
    web-console (3.7.0)
      actionview (>= 5.0)
      activemodel (>= 5.0)
      bindex (>= 0.4.0)
      railties (>= 5.0)
    webfinger (1.2.0)
      activesupport
      httpclient (>= 2.4)
    websocket-driver (0.7.5)
      websocket-extensions (>= 0.1.0)
    websocket-extensions (0.1.5)
    xpath (3.2.0)
      nokogiri (~> 1.8)

PLATFORMS
  ruby

DEPENDENCIES
  RedCloth
  SyslogLogger
  activerecord-postgis-adapter (~> 5.2.0)
  acts-as-taggable-on (~> 8.1.0)
  acts_as_list (~> 1.0.4)
  acts_as_tree (~> 2.9.0)
  apartment (~> 2.2.1)
  baby_squeel (>= 1.4.4)
  binding_of_caller
  bootstrap-kaminari-views (~> 0.0.5)
  breadcrumbs_on_rails
  bundler (~> 2.3.22)
  calendar_helper (= 0.2.6)
  capistrano (~> 3.17.0)
  capistrano-ext
  capybara (~> 3.28.0)
  chouette-projects-i18n!
  chouette2-i18n!
  cocoon
  coffee-rails (~> 4.2.2)
  daemons
  database_cleaner (~> 2.0.1)
  deep_cloneable (~> 3.2.0)
  delayed_job_active_record
  devise (~> 4.8.1)
  devise-async (~> 1.0.0)
  devise-encryptable
  devise-i18n
  devise_invitable
  enumerize (~> 2.5.0)
  factory_bot_rails (~> 6.2.0)
  fakeweb!
  faraday_middleware (~> 1.2.0)
  ffi (~> 1.15.5)
  ffi-proj4!
  figaro (~> 1.2.0)
  font-awesome-sass (~> 4.2.0)
  formtastic (= 4.0.0)
  georuby (= 2.3.0)
  georuby-ext!
  google-analytics-rails (~> 1.1.0)
  guard
  guard-rspec
  ievkit!
  ievkit_views!
  inherited_resources
  jbuilder (~> 2.0)
  jquery-rails (~> 4.4.0)
  json
  json-jwt (~> 1.11.0)
  kaminari (~> 1.2.2)
  kaminari-i18n (~> 0.5.0)
  language_engine!
  launchy
  letter_opener
  map_layers (= 0.0.5)
  migration_data
  mimemagic
  newrelic_rpm
  omniauth
  omniauth-facebook
  omniauth-google-oauth2
  omniauth_openid_connect (~> 0.4.0)
  passenger (>= 5.0.25)
  pg (~> 1.4.0)
  poltergeist
  polylines
  pry-rails
  psych (< 4.0.0)
  pundit
  rabl
  rails (~> 5.2.0)
  rails-assets-bootstrap-sass-official (~> 3.3.7)!
  rails-assets-eonasdan-bootstrap-datetimepicker (~> 3.1.4)!
  rails-assets-footable (~> 2.0.3)!
  rails-assets-jquery-tokeninput (~> 1.7.0)!
  rails-assets-jquery-ui (~> 1.11.4)!
  rails-assets-modernizr (~> 2.0.6)!
  rails-assets-morrisjs (~> 0.5.1)!
  rails-assets-raphael (~> 2.1.3)!
  rails-assets-respond!
  rails-assets-tagmanager (~> 3.0.0)!
  rails-assets-typeahead.js (~> 0.10.5)!
  rails-assets-typeahead.js-bootstrap3.less!
  rails-controller-testing
  rails-erd
  rails-i18n (~> 5.1.3)
  ransack (~> 2.1)
  rb-fsevent
  rb-inotify
  responders (~> 3.0)
  rgeo (~> 1.0.0)
  roo
  rspec (~> 3.11.0)
  rspec-rails (~> 5.1.1)
  rspec_junit_formatter
  rubyzip (~> 1.3.0)
  sass-rails (~> 5.0)
  sawyer (~> 0.9.0)
  sdoc (~> 2.4.0)
  shoulda-matchers (~> 5.2.0)
  simple_form (~> 5.1.0)
  simplecov (~> 0.21.2)
  spring (~> 1.7.2)
  sqlite3
  therubyracer (~> 0.12)
  transpec!
  turbolinks (~> 2.5.3)
  uglifier (~> 2.7.2)
  web-console (~> 3.7.0)

BUNDLED WITH
   2.3.22
